GIT
  remote: https://github.com/vhost-api/dm-serializer.git
  revision: cdfe9627a6b1234de53f20fc14c81be56a8f200b
  specs:
    dm-serializer (1.2.3.beta)
      dm-core (~> 1.2)
      fastercsv (~> 1.5.4)
      multi_json (~> 1.3)

GEM
  remote: https://rubygems.org/
  specs:
    activesupport (7.0.3.1)
      concurrent-ruby (~> 1.0, >= 1.0.2)
      i18n (>= 1.6, < 2)
      minitest (>= 5.1)
      tzinfo (~> 2.0)
    addressable (2.8.1)
      public_suffix (>= 2.0.2, < 6.0)
    ast (2.4.2)
    astrolabe (1.3.1)
      parser (~> 2.2)
    bcrypt (3.1.18)
    bcrypt-ruby (3.1.5)
      bcrypt (>= 3.1.3)
    better_errors (2.9.1)
      coderay (>= 1.0.0)
      erubi (>= 1.0.0)
      rack (>= 0.9.0)
    binding_of_caller (1.0.0)
      debug_inspector (>= 0.0.1)
    coderay (1.1.3)
    concurrent-ruby (1.1.10)
    data_mapper (1.2.0)
      dm-aggregates (~> 1.2.0)
      dm-constraints (~> 1.2.0)
      dm-core (~> 1.2.0)
      dm-migrations (~> 1.2.0)
      dm-serializer (~> 1.2.0)
      dm-timestamps (~> 1.2.0)
      dm-transactions (~> 1.2.0)
      dm-types (~> 1.2.0)
      dm-validations (~> 1.2.0)
    data_objects (0.10.17)
      addressable (~> 2.1)
    database_cleaner (1.99.0)
    debug_inspector (1.1.0)
    diff-lcs (1.5.0)
    dm-aggregates (1.2.0)
      dm-core (~> 1.2.0)
    dm-constraints (1.2.0)
      dm-core (~> 1.2.0)
    dm-core (1.2.1)
      addressable (~> 2.3)
    dm-do-adapter (1.2.0)
      data_objects (~> 0.10.6)
      dm-core (~> 1.2.0)
    dm-migrations (1.2.0)
      dm-core (~> 1.2.0)
    dm-mysql-adapter (1.2.0)
      dm-do-adapter (~> 1.2.0)
      do_mysql (~> 0.10.6)
    dm-postgres-adapter (1.2.0)
      dm-do-adapter (~> 1.2.0)
      do_postgres (~> 0.10.6)
    dm-timestamps (1.2.0)
      dm-core (~> 1.2.0)
    dm-transactions (1.2.0)
      dm-core (~> 1.2.0)
    dm-types (1.2.2)
      bcrypt-ruby (~> 3.0)
      dm-core (~> 1.2.0)
      fastercsv (~> 1.5)
      json (~> 1.6)
      multi_json (~> 1.0)
      stringex (~> 1.4)
      uuidtools (~> 2.1)
    dm-validations (1.2.0)
      dm-core (~> 1.2.0)
    do_mysql (0.10.17)
      data_objects (= 0.10.17)
    do_postgres (0.10.17)
      data_objects (= 0.10.17)
    docile (1.4.0)
    erubi (1.11.0)
    factory_bot (4.11.1)
      activesupport (>= 3.0.0)
    faker (1.9.6)
      i18n (>= 0.7)
    fastercsv (1.5.5)
    ffi (1.15.5)
    filesize (0.2.0)
    formatador (1.1.0)
    guard (2.18.0)
      formatador (>= 0.2.4)
      listen (>= 2.7, < 4.0)
      lumberjack (>= 1.0.12, < 2.0)
      nenv (~> 0.1)
      notiffany (~> 0.0)
      pry (>= 0.13.0)
      shellany (~> 0.0)
      thor (>= 0.18.1)
    guard-compat (1.2.1)
    guard-rspec (4.7.3)
      guard (~> 2.1)
      guard-compat (~> 1.1)
      rspec (>= 2.99.0, < 4.0)
    i18n (1.12.0)
      concurrent-ruby (~> 1.0)
    json (1.8.6)
    json_pure (2.6.2)
    listen (3.7.1)
      rb-fsevent (~> 0.10, >= 0.10.3)
      rb-inotify (~> 0.9, >= 0.9.10)
    lumberjack (1.2.8)
    method_source (1.0.0)
    minitest (5.16.3)
    multi_json (1.15.0)
    mustermann (2.0.2)
      ruby2_keywords (~> 0.0.1)
    nenv (0.3.0)
    nio4r (2.5.8)
    notiffany (0.1.3)
      nenv (~> 0.1)
      shellany (~> 0.0)
    parallel (1.22.1)
    parser (2.7.2.0)
      ast (~> 2.4.1)
    pry (0.14.1)
      coderay (~> 1.1)
      method_source (~> 1.0)
    public_suffix (5.0.0)
    puma (4.3.12)
      nio4r (~> 2.0)
    pundit (1.1.0)
      activesupport (>= 3.0.0)
    rack (2.2.4)
    rack-protection (2.2.2)
      rack
    rack-test (0.8.3)
      rack (>= 1.0, < 3)
    rainbow (3.1.1)
    rake (13.0.6)
    rb-fsevent (0.11.1)
    rb-inotify (0.10.1)
      ffi (~> 1.0)
    regexp_parser (2.5.0)
    rexml (3.2.5)
    rspec (3.11.0)
      rspec-core (~> 3.11.0)
      rspec-expectations (~> 3.11.0)
      rspec-mocks (~> 3.11.0)
    rspec-core (3.11.0)
      rspec-support (~> 3.11.0)
    rspec-expectations (3.11.0)
      diff-lcs (>= 1.2.0, < 2.0)
      rspec-support (~> 3.11.0)
    rspec-mocks (3.11.1)
      diff-lcs (>= 1.2.0, < 2.0)
      rspec-support (~> 3.11.0)
    rspec-support (3.11.0)
    rubocop (0.93.1)
      parallel (~> 1.10)
      parser (>= 2.7.1.5)
      rainbow (>= 2.2.2, < 4.0)
      regexp_parser (>= 1.8)
      rexml
      rubocop-ast (>= 0.6.0)
      ruby-progressbar (~> 1.7)
      unicode-display_width (>= 1.4.0, < 2.0)
    rubocop-ast (1.4.1)
      parser (>= 2.7.1.5)
    rubocop-rspec (1.44.1)
      rubocop (~> 0.87)
      rubocop-ast (>= 0.7.1)
    ruby-progressbar (1.11.0)
    ruby2_keywords (0.0.5)
    shellany (0.0.1)
    shotgun (0.9.2)
      rack (>= 1.0)
    simplecov (0.21.2)
      docile (~> 1.1)
      simplecov-html (~> 0.11)
      simplecov_json_formatter (~> 0.1)
    simplecov-html (0.12.3)
    simplecov_json_formatter (0.1.4)
    sinatra (2.2.2)
      mustermann (~> 2.0)
      rack (~> 2.2)
      rack-protection (= 2.2.2)
      tilt (~> 2.0)
    sinatra-contrib (2.2.2)
      multi_json
      mustermann (~> 2.0)
      rack-protection (= 2.2.2)
      sinatra (= 2.2.2)
      tilt (~> 2.0)
    sinatra-pundit (0.2.0)
      pundit (~> 1.0)
      sinatra (~> 2.0)
    sshkey (2.0.0)
    stringex (1.5.1)
    thor (1.2.1)
    tilt (2.0.11)
    tzinfo (2.0.5)
      concurrent-ruby (~> 1.0)
    unicode-display_width (1.8.0)
    uuidtools (2.2.0)
    webrick (1.7.0)
    yard (0.9.28)
      webrick (~> 1.7.0)

PLATFORMS
  ruby

DEPENDENCIES
  activesupport (~> 7.0)
  astrolabe (~> 1.3, >= 1.3.1)
  bcrypt (~> 3.1, >= 3.1.18)
  better_errors (~> 2.9, >= 2.9.1)
  binding_of_caller (~> 1.0)
  data_mapper (~> 1.2)
  database_cleaner (~> 1.6)
  dm-constraints (~> 1.2)
  dm-mysql-adapter (~> 1.2)
  dm-postgres-adapter (~> 1.2)
  dm-serializer!
  factory_bot (~> 4.8)
  faker (~> 1.8, >= 1.8.7)
  filesize (~> 0.2)
  guard (~> 2.18)
  guard-rspec (~> 4.7, >= 4.7.3)
  json_pure (~> 2.3)
  pry (~> 0.14, >= 0.14.1)
  puma (~> 4.3, >= 4.3.12)
  rack-test (~> 0.8, >= 0.8.3)
  rake (~> 13.0)
  rspec (~> 3.7)
  rubocop (~> 0.54)
  rubocop-rspec (~> 1.24)
  shotgun (~> 0.9, >= 0.9.2)
  simplecov (~> 0.21)
  sinatra (~> 2.2, >= 2.2.2)
  sinatra-contrib (~> 2.2, >= 2.2.2)
  sinatra-pundit (~> 0.2)
  sshkey (~> 2.0)
  yard (~> 0.9)

BUNDLED WITH
   2.1.4
