GEM
  remote: https://rubygems.org/
  specs:
    activesupport (4.2.6)
      i18n (~> 0.7)
      json (~> 1.7, >= 1.7.7)
      minitest (~> 5.1)
      thread_safe (~> 0.3, >= 0.3.4)
      tzinfo (~> 1.1)
    addressable (2.4.0)
    ast (2.3.0)
    astrolabe (1.3.1)
      parser (~> 2.2)
    backports (3.6.8)
    bcrypt (3.1.11)
    bcrypt-ruby (3.1.5)
      bcrypt (>= 3.1.3)
    data_mapper (1.2.0)
      dm-aggregates (~> 1.2.0)
      dm-constraints (~> 1.2.0)
      dm-core (~> 1.2.0)
      dm-migrations (~> 1.2.0)
      dm-serializer (~> 1.2.0)
      dm-timestamps (~> 1.2.0)
      dm-transactions (~> 1.2.0)
      dm-types (~> 1.2.0)
      dm-validations (~> 1.2.0)
    data_objects (0.10.17)
      addressable (~> 2.1)
    dm-aggregates (1.2.0)
      dm-core (~> 1.2.0)
    dm-constraints (1.2.0)
      dm-core (~> 1.2.0)
    dm-core (1.2.1)
      addressable (~> 2.3)
    dm-do-adapter (1.2.0)
      data_objects (~> 0.10.6)
      dm-core (~> 1.2.0)
    dm-migrations (1.2.0)
      dm-core (~> 1.2.0)
    dm-mysql-adapter (1.2.0)
      dm-do-adapter (~> 1.2.0)
      do_mysql (~> 0.10.6)
    dm-postgres-adapter (1.2.0)
      dm-do-adapter (~> 1.2.0)
      do_postgres (~> 0.10.6)
    dm-serializer (1.2.2)
      dm-core (~> 1.2.0)
      fastercsv (~> 1.5)
      json (~> 1.6)
      json_pure (~> 1.6)
      multi_json (~> 1.0)
    dm-timestamps (1.2.0)
      dm-core (~> 1.2.0)
    dm-transactions (1.2.0)
      dm-core (~> 1.2.0)
    dm-types (1.2.2)
      bcrypt-ruby (~> 3.0)
      dm-core (~> 1.2.0)
      fastercsv (~> 1.5)
      json (~> 1.6)
      multi_json (~> 1.0)
      stringex (~> 1.4)
      uuidtools (~> 2.1)
    dm-validations (1.2.0)
      dm-core (~> 1.2.0)
    do_mysql (0.10.17)
      data_objects (= 0.10.17)
    do_postgres (0.10.17)
      data_objects (= 0.10.17)
    fastercsv (1.5.5)
    filesize (0.1.1)
    haml (4.0.7)
      tilt
    haml-lint (0.999.999)
      haml_lint
    haml_lint (0.17.1)
      haml (~> 4.0)
      rake (>= 10, < 12)
      rubocop (>= 0.36.0)
      sysexits (~> 1.1)
    i18n (0.7.0)
    json (1.8.3)
    json_pure (1.8.3)
    logger (1.2.8)
    minitest (5.9.0)
    multi_json (1.12.1)
    parser (2.3.1.2)
      ast (~> 2.2)
    powerpack (0.1.1)
    puma (3.4.0)
    pundit (1.1.0)
      activesupport (>= 3.0.0)
    rack (1.6.4)
    rack-protection (1.5.3)
      rack
    rack-test (0.6.3)
      rack (>= 1.0)
    rainbow (2.1.0)
    rake (11.2.0)
    rubocop (0.40.0)
      parser (>= 2.3.1.0, < 3.0)
      powerpack (~> 0.1)
      rainbow (>= 1.99.1, < 3.0)
      ruby-progressbar (~> 1.7)
      unicode-display_width (~> 1.0, >= 1.0.1)
    rubocop-rspec (1.5.0)
      rubocop (>= 0.40.0)
    ruby-progressbar (1.8.1)
    sass (3.4.22)
    shotgun (0.9.1)
      rack (>= 1.0)
    sinatra (1.4.7)
      rack (~> 1.5)
      rack-protection (~> 1.4)
      tilt (>= 1.3, < 3)
    sinatra-contrib (1.4.7)
      backports (>= 2.0)
      multi_json
      rack-protection
      rack-test
      sinatra (~> 1.4.0)
      tilt (>= 1.3, < 3)
    sinatra-flash (0.3.0)
      sinatra (>= 1.0.0)
    sinatra-logger (0.1.1)
      sinatra (>= 1.0)
    sinatra-pundit (0.1.0)
      pundit (~> 1.0)
      sinatra (~> 1.0)
    stringex (1.5.1)
    sysexits (1.2.0)
    thread_safe (0.3.5)
    tilt (2.0.5)
    tzinfo (1.2.2)
      thread_safe (~> 0.1)
    unicode-display_width (1.0.5)
    uuidtools (2.1.5)

PLATFORMS
  ruby

DEPENDENCIES
  activesupport
  astrolabe
  bcrypt
  data_mapper
  dm-constraints
  dm-mysql-adapter
  dm-postgres-adapter
  filesize
  haml
  haml-lint
  logger
  puma
  rake
  rubocop
  rubocop-rspec
  sass
  shotgun
  sinatra
  sinatra-contrib
  sinatra-flash
  sinatra-logger
  sinatra-pundit

BUNDLED WITH
   1.12.5
